RESTRICTION: >= net461
NUGET
  remote: https://www.nuget.org/api/v2
    Chessie (0.6)
      FSharp.Core  - restriction: && (>= net461) (< netstandard1.6)
      FSharp.Core (>= 4.0.1.7-alpha) - restriction: && (>= net461) (>= netstandard1.6)
      NETStandard.Library (>= 1.6) - restriction: && (>= net461) (>= netstandard1.6)
    Deedle (1.2.5)
    Deedle.RPlugin (1.2.5)
      Deedle (>= 1.2.5)
      R.NET.Community (>= 1.6.4)
      R.NET.Community.FSharp (>= 1.6.4)
      RProvider (>= 1.1.13)
    DotNetZip (1.10.1)
    DynamicInterop (0.7.4)
    FAKE (4.64.13)
    FSharp.Charting (0.90.14)
    FSharp.Compiler.Service (2.0.0.6)
    FSharp.Compiler.Tools (10.0.2) - restriction: && (>= net461) (>= netstandard1.6)
    FSharp.Core (4.3.4)
    FSharp.Data (2.3.3)
    FSharp.Formatting (2.14.4)
      FSharp.Compiler.Service (2.0.0.6)
      FSharpVSPowerTools.Core (>= 2.3 < 2.4)
    FSharp.NET.Sdk (1.0.5) - restriction: && (>= net461) (>= netstandard1.6)
      FSharp.Compiler.Tools (>= 4.1.17)
    FSharpVSPowerTools.Core (2.3)
      FSharp.Compiler.Service (>= 2.0.0.3)
    Google.DataTable.Net.Wrapper (3.1.2)
    MathNet.Numerics (3.19)
    MathNet.Numerics.FSharp (3.19)
      FSharp.Core (>= 3.1.2.5)
      MathNet.Numerics (3.19)
    Microsoft.NETCore.Platforms (2.1) - restriction: || (&& (< net45) (>= net461) (>= netstandard2.0)) (&& (>= net461) (>= netcoreapp2.0)) (&& (>= net461) (>= netstandard1.6))
    Mono.Cecil (0.10)
    NETStandard.Library (2.0.3) - restriction: && (>= net461) (>= netstandard1.6)
      Microsoft.NETCore.Platforms (>= 1.1)
    Newtonsoft.Json (11.0.2)
    NuGet.CommandLine (3.3)
    Paket.Core (4.8.7)
      Chessie (>= 0.6)
      FSharp.Core  - restriction: && (>= net461) (< netstandard1.6)
      FSharp.NET.Sdk (>= 1.0.2) - restriction: && (>= net461) (>= netstandard1.6)
      Mono.Cecil (>= 0.10.0-beta4)
      Newtonsoft.Json  - restriction: && (>= net461) (< netstandard1.6)
      Newtonsoft.Json (>= 10.0.1) - restriction: && (>= net461) (>= netstandard1.6)
      System.Diagnostics.FileVersionInfo (>= 4.3) - restriction: && (>= net461) (>= netstandard1.6)
      System.Diagnostics.Process (>= 4.3) - restriction: && (>= net461) (>= netstandard1.6)
      System.Diagnostics.TraceSource (>= 4.3) - restriction: && (>= net461) (>= netstandard1.6)
      System.Security.Cryptography.Algorithms (>= 4.3) - restriction: && (>= net461) (>= netstandard1.6)
      System.Security.Cryptography.ProtectedData (>= 4.3) - restriction: && (>= net461) (>= netstandard1.6)
      System.Xml.XDocument (>= 4.3) - restriction: && (>= net461) (>= netstandard1.6)
      System.Xml.XPath.XDocument (>= 4.3) - restriction: && (>= net461) (>= netstandard1.6)
      System.Xml.XPath.XmlDocument (>= 4.3) - restriction: && (>= net461) (>= netstandard1.6)
    R.NET.Community (1.6.5)
      DynamicInterop (0.7.4)
    R.NET.Community.FSharp (1.6.5)
      R.NET.Community (>= 1.6.5)
    RProvider (1.1.20)
      DynamicInterop (0.7.4)
      R.NET.Community (1.6.5)
      R.NET.Community.FSharp (1.6.5)
    Suave (2.1)
      FSharp.Core (>= 4.0.0.1) - restriction: && (>= net461) (< netstandard1.6)
      FSharp.Core (>= 4.1.2) - restriction: && (>= net461) (>= netstandard1.6)
      NETStandard.Library (>= 1.6.1) - restriction: && (>= net461) (>= netstandard1.6)
      System.Data.Common (>= 4.1) - restriction: && (>= net461) (>= netstandard1.6)
      System.Diagnostics.Process (>= 4.1) - restriction: && (>= net461) (>= netstandard1.6)
      System.Globalization.Extensions (>= 4.3) - restriction: && (>= net461) (>= netstandard1.6)
      System.Net.Security (>= 4.0) - restriction: && (>= net461) (>= netstandard1.6)
      System.Runtime.Serialization.Json (>= 4.0.2) - restriction: && (>= net461) (>= netstandard1.6)
      System.Security.Claims (>= 4.0.1) - restriction: && (>= net461) (>= netstandard1.6)
      System.Security.Cryptography.Primitives (>= 4.3) - restriction: && (>= net461) (>= netstandard1.6)
    System.Data.Common (4.3) - restriction: && (>= net461) (>= netstandard1.6)
    System.Diagnostics.FileVersionInfo (4.3) - restriction: && (>= net461) (>= netstandard1.6)
    System.Diagnostics.Process (4.3) - restriction: && (>= net461) (>= netstandard1.6)
    System.Diagnostics.TraceSource (4.3) - restriction: && (>= net461) (>= netstandard1.6)
    System.Globalization.Extensions (4.3) - restriction: && (>= net461) (>= netstandard1.6)
    System.IO (4.3) - restriction: || (&& (< net46) (>= net461) (>= netstandard1.6)) (&& (>= net461) (< netstandard1.3) (>= netstandard1.6)) (&& (>= net463) (>= netstandard1.6))
    System.Net.Security (4.3.2) - restriction: && (>= net461) (>= netstandard1.6)
      System.Security.Cryptography.X509Certificates (>= 4.3)
    System.Runtime (4.3) - restriction: || (&& (< net46) (>= net461) (>= netstandard1.6)) (&& (>= net461) (< netstandard1.3) (>= netstandard1.6)) (&& (>= net463) (>= netstandard1.6))
    System.Runtime.Serialization.Json (4.3) - restriction: && (>= net461) (>= netstandard1.6)
    System.Security.Claims (4.3) - restriction: && (>= net461) (>= netstandard1.6)
    System.Security.Cryptography.Algorithms (4.3.1) - restriction: && (>= net461) (>= netstandard1.6)
      System.IO (>= 4.3) - restriction: || (&& (< net46) (>= net461) (< netstandard1.4)) (&& (< net46) (>= net461) (>= netstandard1.6)) (&& (< net46) (>= net461) (< netstandard1.6)) (&& (>= net461) (< netstandard1.3)) (>= net463)
      System.Runtime (>= 4.3) - restriction: || (&& (< net46) (>= net461) (< netstandard1.4)) (&& (< net46) (>= net461) (>= netstandard1.6)) (&& (< net46) (>= net461) (< netstandard1.6)) (&& (>= net461) (< netstandard1.3)) (>= net463)
      System.Security.Cryptography.Encoding (>= 4.3) - restriction: || (&& (< net46) (>= net461) (>= netstandard1.6)) (&& (>= net461) (< netstandard1.3)) (>= net463)
      System.Security.Cryptography.Primitives (>= 4.3)
    System.Security.Cryptography.Encoding (4.3) - restriction: || (&& (< net46) (>= net461) (>= netstandard1.6)) (&& (>= net461) (< netstandard1.3) (>= netstandard1.6)) (&& (>= net463) (>= netstandard1.6))
    System.Security.Cryptography.Primitives (4.3) - restriction: && (>= net461) (>= netstandard1.6)
    System.Security.Cryptography.ProtectedData (4.5) - restriction: && (>= net461) (>= netstandard1.6)
    System.Security.Cryptography.X509Certificates (4.3.2) - restriction: && (>= net461) (>= netstandard1.6)
      System.Security.Cryptography.Algorithms (>= 4.3)
      System.Security.Cryptography.Encoding (>= 4.3)
    System.Xml.XDocument (4.3) - restriction: && (>= net461) (>= netstandard1.6)
    System.Xml.XmlDocument (4.3) - restriction: && (>= net461) (>= netstandard1.6)
    System.Xml.XPath (4.3) - restriction: && (>= net461) (>= netstandard1.6)
    System.Xml.XPath.XDocument (4.3) - restriction: && (>= net461) (>= netstandard1.6)
      System.Xml.XPath (>= 4.3)
    System.Xml.XPath.XmlDocument (4.3) - restriction: && (>= net461) (>= netstandard1.6)
      System.Xml.XmlDocument (>= 4.3)
      System.Xml.XPath (>= 4.3)
    XPlot.GoogleCharts (1.4.5)
      Google.DataTable.Net.Wrapper (>= 3.1.2)
      Newtonsoft.Json (>= 10.0.3)
    XPlot.GoogleCharts.Deedle (1.4.5)
      Deedle (>= 1.2.5)
      XPlot.GoogleCharts (>= 1.4.5)
    XPlot.Plotly (1.4.5)
      Newtonsoft.Json (>= 10.0.3)
