RESTRICTION: == net461
NUGET
  remote: https://www.nuget.org/api/v2
    Deedle (1.2.5)
    DotNetZip (1.10.1)
    FAKE (4.64.13)
    FSharp.Compiler.Service (2.0.0.6)
    FSharp.Core (4.5)
    FSharp.Data (2.4.6)
    FSharp.Formatting (2.14.4)
      FSharp.Compiler.Service (2.0.0.6)
      FSharpVSPowerTools.Core (>= 2.3 < 2.4)
    FSharpVSPowerTools.Core (2.3)
      FSharp.Compiler.Service (>= 2.0.0.3)
    Google.DataTable.Net.Wrapper (3.1.2)
    MathNet.Numerics (3.20.2)
    MathNet.Numerics.FSharp (3.20.2)
      FSharp.Core (>= 3.1.2.5)
      MathNet.Numerics (3.20.2)
    Newtonsoft.Json (11.0.2)
    Suave (2.1.1)
      FSharp.Core (>= 4.0.0.1)
    XPlot.GoogleCharts (1.5)
      FSharp.Core
      Google.DataTable.Net.Wrapper (>= 3.1.2)
      Newtonsoft.Json (>= 11.0.2)
    XPlot.GoogleCharts.Deedle (1.5)
      Deedle (>= 1.2.5)
      FSharp.Core
      XPlot.GoogleCharts (>= 1.5)
    XPlot.Plotly (1.5)
      FSharp.Core
      Newtonsoft.Json (>= 11.0.2)
